GIT
  remote: https://github.com/dtan4/terraforming.git
  revision: f5e482afce717d70f5edc5735ce9ace32d6e99e8
  branch: master
  specs:
    terraforming (0.13.1)
      aws-sdk (~> 2.7.0)
      multi_json (~> 1.12.1)
      thor

GEM
  remote: https://rubygems.org/
  specs:
    aws-sdk (2.7.16)
      aws-sdk-resources (= 2.7.16)
    aws-sdk-core (2.7.16)
      aws-sigv4 (~> 1.0)
      jmespath (~> 1.0)
    aws-sdk-resources (2.7.16)
      aws-sdk-core (= 2.7.16)
    aws-sigv4 (1.0.0)
    jmespath (1.3.1)
    multi_json (1.12.1)
    thor (0.19.4)

PLATFORMS
  ruby

DEPENDENCIES
  terraforming!

BUNDLED WITH
   1.13.6
